GEM
  remote: https://rubygems.org/
  specs:
    CFPropertyList (3.0.5)
      rexml
    atomos (0.1.3)
    claide (1.1.0)
    colored2 (3.1.2)
    cork (0.3.0)
      colored2 (~> 3.1)
    deep_merge (1.2.2)
    hooks (0.4.1)
      uber (~> 0.0.14)
    nanaimo (0.3.0)
    rexml (3.2.5)
    uber (0.0.15)
    xcake (0.12.1)
      claide (>= 0.9.1, < 2.0)
      cork
      deep_merge
      hooks (~> 0.4.1)
      xcodeproj (>= 1.7.0, < 2.0.0)
    xcodeproj (1.21.0)
      CFPropertyList (>= 2.3.3, < 4.0)
      atomos (~> 0.1.3)
      claide (>= 1.0.2, < 2.0)
      colored2 (~> 3.1)
      nanaimo (~> 0.3.0)
      rexml (~> 3.2.4)

PLATFORMS
  arm64-darwin-21

DEPENDENCIES
  xcake (= 0.12.1)

BUNDLED WITH
   2.2.32
